GEM
  remote: https://rubygems.org/
  specs:
    addressable (2.3.8)
    ansi (1.5.0)
    backports (3.6.4)
    bacon (1.2.0)
    builder (3.2.2)
    celluloid (0.16.0)
      timers (~> 4.0.0)
    coderay (1.1.0)
    connection_pool (2.2.0)
    crack (0.4.2)
      safe_yaml (~> 1.0.0)
    css_parser (1.3.6)
      addressable
    database_cleaner (1.4.1)
    foreman (0.78.0)
      thor (~> 0.19.1)
    hitimes (1.2.2)
    htmlentities (4.3.3)
    i18n (0.7.0)
    ice_cube (0.11.1)
    json (1.8.2)
    method_source (0.8.2)
    mini_portile (0.6.2)
    minitest (5.6.1)
    minitest-reporters (1.0.16)
      ansi
      builder
      minitest (>= 5.0)
      ruby-progressbar
    multi_json (1.11.1)
    nestful (1.0.7)
    nokogiri (1.6.6.2)
      mini_portile (~> 0.6.0)
    pg (0.18.2)
    premailer (1.8.4)
      css_parser (>= 1.3.6)
      htmlentities (>= 4.0.0)
    pry (0.10.1)
      coderay (~> 1.1.0)
      method_source (~> 0.8.1)
      slop (~> 3.4)
    puma (2.11.3)
      rack (>= 1.1, < 2.0)
    rack (1.6.1)
    rack-protection (1.5.3)
      rack
    rack-test (0.6.3)
      rack (>= 1.0)
    rake (10.4.2)
    redis (3.2.1)
    redis-namespace (1.5.2)
      redis (~> 3.0, >= 3.0.4)
    rollbar (1.5.3)
      multi_json (~> 1.3)
    ruby-progressbar (1.7.5)
    ruby-stemmer (0.9.6)
    safe_yaml (1.0.4)
    sequel (4.23.0)
    sidekiq (3.3.4)
      celluloid (>= 0.16.0)
      connection_pool (>= 2.1.1)
      json
      redis (>= 3.0.6)
      redis-namespace (>= 1.3.1)
    sidetiq (0.6.3)
      celluloid (>= 0.14.1)
      ice_cube (= 0.11.1)
      sidekiq (>= 3.0.0)
    sinatra (1.4.6)
      rack (~> 1.4)
      rack-protection (~> 1.4)
      tilt (>= 1.3, < 3)
    sinatra-contrib (1.4.6)
      backports (>= 2.0)
      multi_json
      rack-protection
      rack-test
      sinatra (~> 1.4.0)
      tilt (>= 1.3, < 3)
    sinatra-sequel (0.9.0)
      bacon
      sequel (>= 3.2.0)
      sinatra (>= 0.9.4)
    slop (3.6.0)
    thor (0.19.1)
    tilt (1.4.1)
    timers (4.0.1)
      hitimes
    webmock (1.21.0)
      addressable (>= 2.3.6)
      crack (>= 0.3.2)

PLATFORMS
  ruby

DEPENDENCIES
  database_cleaner (~> 1.4.1)
  foreman (~> 0.78.0)
  i18n (~> 0.7.0)
  ice_cube (~> 0.11.1)
  json (~> 1.8.1)
  minitest-reporters
  nestful (~> 1.0.7)
  nokogiri (~> 1.6.6.2)
  pg (~> 0.18.2)
  premailer (~> 1.8.4)
  pry
  puma (~> 2.11.3)
  rake (~> 10.4.2)
  rollbar (~> 1.5.3)
  ruby-stemmer (~> 0.9.6)
  sequel (~> 4.23.0)
  sidekiq (~> 3.3.4)
  sidetiq (~> 0.6.3)
  sinatra (~> 1.4.6)
  sinatra-contrib (~> 1.4.6)
  sinatra-sequel (~> 0.9.0)
  webmock (~> 1.21.0)

BUNDLED WITH
   1.10.4
